GEM
  remote: https://rubygems.org/
  specs:
    coderay (1.1.2)
    dotenv (2.7.5)
    method_source (1.0.0)
    pry (0.13.1)
      coderay (~> 1.1)
      method_source (~> 1.0)
    redcarpet (3.5.0)
    retryable-rb (1.1.0)
    rubypress (1.2.2)
      retryable-rb
      xmlrpc
    xmlrpc (0.3.0)

PLATFORMS
  ruby

DEPENDENCIES
  dotenv
  pry
  redcarpet
  rubypress

BUNDLED WITH
   2.1.2
